GEM
  remote: https://rubygems.org/
  specs:
    chimera_http_client (1.4.1)
      typhoeus (~> 1.1)
      zeitwerk (>= 2.0)
    ethon (0.14.0)
      ffi (>= 1.15.0)
    ffi (1.15.1)
    minitest (5.14.4)
    mustermann (1.1.1)
      ruby2_keywords (~> 0.0.1)
    nio4r (2.5.7)
    puma (5.3.2)
      nio4r (~> 2.0)
    rack (2.2.3)
    rack-protection (2.2.0)
      rack
    rack-test (1.1.0)
      rack (>= 1.0, < 3)
    rake (13.0.3)
    ruby2_keywords (0.0.5)
    sinatra (2.2.0)
      mustermann (~> 1.0)
      rack (~> 2.2)
      rack-protection (= 2.2.0)
      tilt (~> 2.0)
    tilt (2.0.10)
    typhoeus (1.4.0)
      ethon (>= 0.9.0)
    zeitwerk (2.4.2)

PLATFORMS
  ruby

DEPENDENCIES
  chimera_http_client (~> 1.4)
  minitest
  puma (~> 5.0)
  rack-test (~> 1.0)
  rake (> 13.0)
  sinatra (~> 2.2)

RUBY VERSION
   ruby 3.0.1p64

BUNDLED WITH
   2.2.17
