GEM
  remote: https://rubygems.org/
  specs:
    haml (4.0.7)
      tilt
    json (2.5.1)
    mime-types (2.6.1)
    minitest (5.8.0)
    netrc (0.10.3)
    nio4r (2.5.7)
    puma (4.3.8)
      nio4r (~> 2.0)
    rack (1.6.4)
    rack-protection (1.5.3)
      rack
    rack-test (0.6.3)
      rack (>= 1.0)
    rake (13.0.3)
    rest-client (1.7.3)
      mime-types (>= 1.16, < 3.0)
      netrc (~> 0.7)
    sinatra (1.4.6)
      rack (~> 1.4)
      rack-protection (~> 1.4)
      tilt (>= 1.3, < 3)
    tilt (2.0.1)

PLATFORMS
  ruby

DEPENDENCIES
  haml (~> 4.0)
  json (~> 2.0)
  minitest
  puma (~> 4.0)
  rack-test
  rake (> 11.0)
  rest-client (~> 1.7.0)
  sinatra (~> 1.4)

RUBY VERSION
   ruby 2.7.3p183

BUNDLED WITH
   2.1.4
