GEM
  remote: https://rubygems.org/
  specs:
    haml (4.0.7)
      tilt
    json (2.5.1)
    mime-types (2.6.1)
    minitest (5.8.0)
    mustermann (1.1.1)
      ruby2_keywords (~> 0.0.1)
    netrc (0.10.3)
    nio4r (2.5.7)
    puma (5.3.2)
      nio4r (~> 2.0)
    rack (2.2.3)
    rack-protection (2.1.0)
      rack
    rack-test (1.1.0)
      rack (>= 1.0, < 3)
    rake (13.0.3)
    rest-client (1.7.3)
      mime-types (>= 1.16, < 3.0)
      netrc (~> 0.7)
    ruby2_keywords (0.0.4)
    sinatra (2.1.0)
      mustermann (~> 1.0)
      rack (~> 2.2)
      rack-protection (= 2.1.0)
      tilt (~> 2.0)
    tilt (2.0.10)

PLATFORMS
  ruby

DEPENDENCIES
  haml (~> 4.0)
  json (~> 2.0)
  minitest
  puma (~> 5.0)
  rack-test (~> 1.0)
  rake (> 13.0)
  rest-client (~> 1.7.0)
  sinatra (~> 2.0)

RUBY VERSION
   ruby 2.7.3p183

BUNDLED WITH
   2.1.4
